PATH
  remote: vendor/extensions
  specs:
    refinerycms-documents (1.0)
      refinerycms-core (~> 4.0.0)
    refinerycms-partners (1.0)
      refinerycms-core (~> 4.0.0)
    refinerycms-tools (1.0)
      refinerycms-core (~> 4.0.0)

GEM
  remote: https://rubygems.org/
  specs:
    CFPropertyList (2.3.6)
    actioncable (5.1.0)
      actionpack (= 5.1.0)
      nio4r (~> 2.0)
      websocket-driver (~> 0.6.1)
    actionmailer (5.1.0)
      actionpack (= 5.1.0)
      actionview (= 5.1.0)
      activejob (= 5.1.0)
      mail (~> 2.5, >= 2.5.4)
      rails-dom-testing (~> 2.0)
    actionpack (5.1.0)
      actionview (= 5.1.0)
      activesupport (= 5.1.0)
      rack (~> 2.0)
      rack-test (~> 0.6.3)
      rails-dom-testing (~> 2.0)
      rails-html-sanitizer (~> 1.0, >= 1.0.2)
    actionview (5.1.0)
      activesupport (= 5.1.0)
      builder (~> 3.1)
      erubi (~> 1.4)
      rails-dom-testing (~> 2.0)
      rails-html-sanitizer (~> 1.0, >= 1.0.3)
    activejob (5.1.0)
      activesupport (= 5.1.0)
      globalid (>= 0.3.6)
    activemodel (5.1.0)
      activesupport (= 5.1.0)
    activemodel-serializers-xml (1.0.2)
      activemodel (> 5.x)
      activesupport (> 5.x)
      builder (~> 3.1)
    activerecord (5.1.0)
      activemodel (= 5.1.0)
      activesupport (= 5.1.0)
      arel (~> 8.0)
    activesupport (5.1.0)
      concurrent-ruby (~> 1.0, >= 1.0.2)
      i18n (~> 0.7)
      minitest (~> 5.1)
      tzinfo (~> 1.1)
    acts_as_indexed (0.8.3)
    addressable (2.7.0)
      public_suffix (>= 2.0.2, < 5.0)
    airbrussh (1.3.4)
      sshkit (>= 1.6.1, != 1.7.0)
    arel (8.0.0)
    awesome_nested_set (3.2.0)
      activerecord (>= 4.0.0, < 7.0)
    awesome_print (1.8.0)
    babosa (1.0.3)
    bcrypt (3.1.13)
    better_errors (2.5.1)
      coderay (>= 1.0.0)
      erubi (>= 1.0.0)
      rack (>= 0.9.0)
    binding_of_caller (0.8.0)
      debug_inspector (>= 0.0.1)
    breakpoint (2.7.1)
      sass (~> 3.3)
      sassy-maps (< 1.0.0)
    builder (3.2.3)
    capistrano (3.11.2)
      airbrussh (>= 1.0.0)
      i18n
      rake (>= 10.0.0)
      sshkit (>= 1.9.0)
    capistrano-bundler (1.6.0)
      capistrano (~> 3.1)
    capistrano-passenger (0.2.0)
      capistrano (~> 3.0)
    capistrano-rails (1.4.0)
      capistrano (~> 3.1)
      capistrano-bundler (~> 1.1)
    capistrano-rvm (0.1.2)
      capistrano (~> 3.0)
      sshkit (~> 1.2)
    chronic (0.10.2)
    chunky_png (1.3.11)
    coderay (1.1.2)
    coffee-rails (4.2.2)
      coffee-script (>= 2.2.0)
      railties (>= 4.0.0)
    coffee-script (2.4.1)
      coffee-script-source
      execjs
    coffee-script-source (1.12.2)
    compass (1.0.3)
      chunky_png (~> 1.2)
      compass-core (~> 1.0.2)
      compass-import-once (~> 1.0.5)
      rb-fsevent (>= 0.9.3)
      rb-inotify (>= 0.9)
      sass (>= 3.3.13, < 3.5)
    compass-core (1.0.3)
      multi_json (~> 1.0)
      sass (>= 3.3.0, < 3.5)
    compass-import-once (1.0.5)
      sass (>= 3.2, < 3.5)
    compass-rails (2.0.1)
      compass (~> 1.0.0)
    concurrent-ruby (1.1.5)
    crass (1.0.4)
    debug_inspector (0.0.3)
    decorators (2.0.4)
      railties (>= 4.0.0, < 6)
    devise (4.7.1)
      bcrypt (~> 3.0)
      orm_adapter (~> 0.1)
      railties (>= 4.1.0)
      responders
      warden (~> 1.2.3)
    diffy (3.3.0)
    dragonfly (1.2.0)
      addressable (~> 2.3)
      multi_json (~> 1.0)
      rack (>= 1.3)
    dragonfly-s3_data_store (1.3.0)
      dragonfly (~> 1.0)
      fog-aws
    dry-inflector (0.1.2)
    erubi (1.9.0)
    excon (0.67.0)
    execjs (2.7.0)
    faker (2.2.1)
      i18n (>= 0.8)
    ffi (1.11.1)
    fission (0.5.0)
      CFPropertyList (~> 2.2)
    fog (1.41.0)
      fog-aliyun (>= 0.1.0)
      fog-atmos
      fog-aws (>= 0.6.0)
      fog-brightbox (~> 0.4)
      fog-cloudatcost (~> 0.1.0)
      fog-core (~> 1.45)
      fog-digitalocean (>= 0.3.0)
      fog-dnsimple (~> 1.0)
      fog-dynect (~> 0.0.2)
      fog-ecloud (~> 0.1)
      fog-google (<= 0.1.0)
      fog-internet-archive
      fog-joyent
      fog-json
      fog-local
      fog-openstack
      fog-powerdns (>= 0.1.1)
      fog-profitbricks
      fog-rackspace
      fog-radosgw (>= 0.0.2)
      fog-riakcs
      fog-sakuracloud (>= 0.0.4)
      fog-serverlove
      fog-softlayer
      fog-storm_on_demand
      fog-terremark
      fog-vmfusion
      fog-voxel
      fog-vsphere (>= 0.4.0)
      fog-xenserver
      fog-xml (~> 0.1.1)
      ipaddress (~> 0.5)
      json (>= 1.8, < 2.0)
    fog-aliyun (0.3.5)
      fog-core
      fog-json
      ipaddress (~> 0.8)
      xml-simple (~> 1.1)
    fog-atmos (0.1.0)
      fog-core
      fog-xml
    fog-aws (2.0.1)
      fog-core (~> 1.38)
      fog-json (~> 1.0)
      fog-xml (~> 0.1)
      ipaddress (~> 0.8)
    fog-brightbox (0.16.1)
      dry-inflector
      fog-core
      fog-json
      mime-types
    fog-cloudatcost (0.1.2)
      fog-core (~> 1.36)
      fog-json (~> 1.0)
      fog-xml (~> 0.1)
      ipaddress (~> 0.8)
    fog-core (1.45.0)
      builder
      excon (~> 0.58)
      formatador (~> 0.2)
    fog-digitalocean (0.4.0)
      fog-core
      fog-json
      fog-xml
      ipaddress (>= 0.5)
    fog-dnsimple (1.0.0)
      fog-core (~> 1.38)
      fog-json (~> 1.0)
    fog-dynect (0.0.3)
      fog-core
      fog-json
      fog-xml
    fog-ecloud (0.3.0)
      fog-core
      fog-xml
    fog-google (0.1.0)
      fog-core
      fog-json
      fog-xml
    fog-internet-archive (0.0.1)
      fog-core
      fog-json
      fog-xml
    fog-joyent (0.0.1)
      fog-core (~> 1.42)
      fog-json (>= 1.0)
    fog-json (1.2.0)
      fog-core
      multi_json (~> 1.10)
    fog-local (0.6.0)
      fog-core (>= 1.27, < 3.0)
    fog-openstack (0.3.10)
      fog-core (>= 1.45, <= 2.1.0)
      fog-json (>= 1.0)
      ipaddress (>= 0.8)
    fog-powerdns (0.2.0)
      fog-core
      fog-json
      fog-xml
    fog-profitbricks (4.1.1)
      fog-core (~> 1.42)
      fog-json (~> 1.0)
    fog-rackspace (0.1.6)
      fog-core (>= 1.35)
      fog-json (>= 1.0)
      fog-xml (>= 0.1)
      ipaddress (>= 0.8)
    fog-radosgw (0.0.5)
      fog-core (>= 1.21.0)
      fog-json
      fog-xml (>= 0.0.1)
    fog-riakcs (0.1.0)
      fog-core
      fog-json
      fog-xml
    fog-sakuracloud (1.7.5)
      fog-core
      fog-json
    fog-serverlove (0.1.2)
      fog-core
      fog-json
    fog-softlayer (1.1.4)
      fog-core
      fog-json
    fog-storm_on_demand (0.1.1)
      fog-core
      fog-json
    fog-terremark (0.1.0)
      fog-core
      fog-xml
    fog-vmfusion (0.1.0)
      fission
      fog-core
    fog-voxel (0.1.0)
      fog-core
      fog-xml
    fog-vsphere (3.2.1)
      fog-core
      rbvmomi (>= 1.9, < 3)
    fog-xenserver (1.0.0)
      fog-core
      fog-xml
      xmlrpc
    fog-xml (0.1.3)
      fog-core
      nokogiri (>= 1.5.11, < 2.0.0)
    font-awesome-sass (4.7.0)
      sass (>= 3.2)
    formatador (0.2.5)
    friendly_id (5.2.5)
      activerecord (>= 4.0.0)
    globalid (0.4.2)
      activesupport (>= 4.2.0)
    globalize (5.1.0)
      activemodel (>= 4.2, < 5.2)
      activerecord (>= 4.2, < 5.2)
      request_store (~> 1.0)
    i18n (0.9.5)
      concurrent-ruby (~> 1.0)
    innertube (1.1.0)
    ipaddress (0.8.3)
    joiner (0.3.4)
      activerecord (>= 4.1.0)
    jquery-rails (4.3.5)
      rails-dom-testing (>= 1, < 3)
      railties (>= 4.2.0)
      thor (>= 0.14, < 2.0)
    jquery-ui-rails (5.0.5)
      railties (>= 3.2.16)
    json (1.8.6)
    kgio (2.11.2)
    launchy (2.4.3)
      addressable (~> 2.3)
    letter_opener (1.7.0)
      launchy (~> 2.2)
    loofah (2.3.0)
      crass (~> 1.0.2)
      nokogiri (>= 1.5.9)
    mail (2.7.1)
      mini_mime (>= 0.1.1)
    method_source (0.9.2)
    middleware (0.1.0)
    mime-types (3.3)
      mime-types-data (~> 3.2015)
    mime-types-data (3.2019.0904)
    mini_mime (1.0.2)
    mini_portile2 (2.4.0)
    minitest (5.12.2)
    multi_json (1.13.1)
    mysql2 (0.5.1)
    net-scp (2.0.0)
      net-ssh (>= 2.6.5, < 6.0.0)
    net-ssh (5.2.0)
    newrelic_rpm (6.6.0.358)
    nio4r (2.5.2)
    nokogiri (1.10.4)
      mini_portile2 (~> 2.4.0)
    optimist (3.0.0)
    orm_adapter (0.5.0)
    pg (0.21.0)
    pry (0.12.2)
      coderay (~> 1.1.0)
      method_source (~> 0.9.0)
    pry-rails (0.3.9)
      pry (>= 0.10.4)
    public_suffix (4.0.1)
    rack (2.0.7)
    rack-mini-profiler (1.1.0)
      rack (>= 1.2.0)
    rack-rewrite (1.5.1)
    rack-test (0.6.3)
      rack (>= 1.0)
    rails (5.1.0)
      actioncable (= 5.1.0)
      actionmailer (= 5.1.0)
      actionpack (= 5.1.0)
      actionview (= 5.1.0)
      activejob (= 5.1.0)
      activemodel (= 5.1.0)
      activerecord (= 5.1.0)
      activesupport (= 5.1.0)
      bundler (>= 1.3.0, < 2.0)
      railties (= 5.1.0)
      sprockets-rails (>= 2.0.0)
    rails-dom-testing (2.0.3)
      activesupport (>= 4.2.0)
      nokogiri (>= 1.6)
    rails-html-sanitizer (1.2.0)
      loofah (~> 2.2, >= 2.2.2)
    rails-i18n (5.0.4)
      i18n (~> 0.7)
      railties (~> 5.0)
    railties (5.1.0)
      actionpack (= 5.1.0)
      activesupport (= 5.1.0)
      method_source
      rake (>= 0.8.7)
      thor (>= 0.18.1, < 2.0)
    raindrops (0.19.0)
    rake (13.0.0)
    rb-fsevent (0.10.3)
    rb-inotify (0.10.0)
      ffi (~> 1.0)
    rbvmomi (2.2.0)
      builder (~> 3.0)
      json (>= 1.8)
      nokogiri (~> 1.5)
      optimist (~> 3.0)
    refinerycms (4.0.3)
      refinerycms-core (= 4.0.3)
      refinerycms-images (= 4.0.3)
      refinerycms-pages (= 4.0.3)
      refinerycms-resources (= 4.0.3)
    refinerycms-authentication-devise (2.0.0)
      actionmailer (>= 5.0.0, < 5.2)
      devise (~> 4.0, >= 4.3.0)
      friendly_id (~> 5.2.1)
      refinerycms-core (>= 3.0.0, < 5.0)
    refinerycms-core (4.0.3)
      actionpack (>= 5.1.0, < 5.2)
      activerecord (>= 5.1.0, < 5.2)
      awesome_nested_set (~> 3.0, >= 3.0.0)
      coffee-rails (~> 4.0, >= 4.0.0)
      decorators (~> 2.0, >= 2.0.0)
      font-awesome-sass (>= 4.3.0, < 5.0)
      jquery-rails (~> 4.3, >= 4.3.1)
      jquery-ui-rails (~> 5.0, >= 5.0.0)
      railties (>= 5.1.0, < 5.2)
      refinerycms-i18n (~> 4.0, >= 4.0.0)
      sass-rails (>= 4.0, < 5.1)
      truncate_html (~> 0.9)
      will_paginate (~> 3.1, >= 3.1.0)
      zilch-authorisation (~> 0, >= 0.0.1)
    refinerycms-dragonfly (1.0.1)
      dragonfly (~> 1.1)
      dragonfly-s3_data_store
    refinerycms-i18n (4.0.2)
      rails-i18n (~> 5.0.0)
      routing-filter (>= 0.4.0)
    refinerycms-images (4.0.3)
      activemodel-serializers-xml (~> 1.0, >= 1.0.1)
      globalize (>= 5.1.0.beta1, < 5.2)
      refinerycms-core (= 4.0.3)
      refinerycms-dragonfly (~> 1.0)
    refinerycms-pages (4.0.3)
      activemodel-serializers-xml (~> 1.0, >= 1.0.1)
      awesome_nested_set (~> 3.1, >= 3.1.0)
      babosa (!= 0.3.6)
      diffy (~> 3.1, >= 3.1.0)
      friendly_id (>= 5.1.0, < 5.3)
      globalize (>= 5.1.0.beta1, < 5.2)
      refinerycms-core (= 4.0.3)
      seo_meta (~> 3.0, >= 3.0.0)
      speakingurl-rails (~> 8.0, >= 8.0.0)
    refinerycms-resources (4.0.3)
      activemodel-serializers-xml (~> 1.0, >= 1.0.1)
      acts_as_indexed (~> 0.8.0)
      dragonfly (~> 1.1, >= 1.1.0)
      globalize (>= 5.1.0.beta1, < 5.2)
      refinerycms-core (= 4.0.3)
      refinerycms-dragonfly (~> 1.0)
    request_store (1.4.1)
      rack (>= 1.4)
    responders (3.0.0)
      actionpack (>= 5.0)
      railties (>= 5.0)
    riddle (2.4.0)
    routing-filter (0.6.3)
      actionpack (>= 4.2)
      activesupport (>= 4.2)
    sass (3.4.25)
    sass-rails (5.0.7)
      railties (>= 4.0.0, < 6)
      sass (~> 3.1)
      sprockets (>= 2.8, < 4.0)
      sprockets-rails (>= 2.0, < 4.0)
      tilt (>= 1.1, < 3)
    sassy-maps (0.4.0)
      sass (~> 3.3)
    seo_meta (3.0.0)
      railties (>= 5.0.0)
    speakingurl-rails (8.0.2)
      railties (>= 3.1)
    sprockets (3.7.2)
      concurrent-ruby (~> 1.0)
      rack (> 1, < 3)
    sprockets-rails (3.2.1)
      actionpack (>= 4.0)
      activesupport (>= 4.0)
      sprockets (>= 3.0.0)
    sqlite3 (1.4.1)
    sshkit (1.20.0)
      net-scp (>= 1.1.2)
      net-ssh (>= 2.8.0)
    susy (2.2.14)
      sass (>= 3.3.0, < 3.5)
    thinking-sphinx (4.4.1)
      activerecord (>= 3.1.0)
      builder (>= 2.1.2)
      innertube (>= 1.0.2)
      joiner (>= 0.2.0)
      middleware (>= 0.1.0)
      riddle (~> 2.3)
    thor (0.20.3)
    thread_safe (0.3.6)
    tilt (2.0.10)
    truncate_html (0.9.3)
    tzinfo (1.2.5)
      thread_safe (~> 0.1)
    uglifier (4.2.0)
      execjs (>= 0.3.0, < 3)
    unf (0.1.4)
      unf_ext
    unf_ext (0.0.7.6)
    unicorn (5.5.1)
      kgio (~> 2.6)
      raindrops (~> 0.7)
    warden (1.2.8)
      rack (>= 2.0.6)
    websocket-driver (0.6.5)
      websocket-extensions (>= 0.1.0)
    websocket-extensions (0.1.4)
    whenever (1.0.0)
      chronic (>= 0.6.3)
    will_paginate (3.1.8)
    xml-simple (1.1.5)
    xmlrpc (0.3.0)
    zilch-authorisation (0.0.1)

PLATFORMS
  ruby

DEPENDENCIES
  awesome_print
  better_errors
  binding_of_caller
  breakpoint
  capistrano (~> 3.4)
  capistrano-bundler (~> 1.1)
  capistrano-passenger (~> 0.2.0)
  capistrano-rails (~> 1.1)
  capistrano-rvm (~> 0.1)
  compass (~> 1.0.0.alpha.21)
  compass-rails (~> 2.0.0)
  faker
  fog
  jdbc-mysql (= 5.1.28)
  jquery-rails
  jquery-ui-rails
  json (~> 1.8, >= 1.8.2)
  letter_opener
  mysql2 (= 0.5.1)
  newrelic_rpm
  pg (~> 0.11)
  pry
  pry-rails
  rack
  rack-mini-profiler
  rack-rewrite
  rails (= 5.1.0)
  refinerycms (~> 4.0, >= 4.0.3)
  refinerycms-authentication-devise (~> 2.0.0)
  refinerycms-documents!
  refinerycms-partners!
  refinerycms-tools!
  sqlite3
  susy
  thinking-sphinx
  uglifier (>= 1.0.3)
  unf
  unicorn
  whenever
  will_paginate (~> 3.0)

BUNDLED WITH
   1.17.3
